GIT
  remote: http://github.com/blahed/frank.git
  revision: 2a7c52a
  branch: 0.4.x
  specs:
    frank (0.4.0)
      haml (>= 3.0)
      mongrel (>= 1.0)
      rack (>= 1.0)
      tilt (= 0.9)

GEM
  remote: http://rubygems.org/
  specs:
    daemons (1.0.10)
    gem_plugin (0.2.3)
    haml (3.0.16)
    mongrel (1.2.0.pre2)
      daemons (~> 1.0.10)
      gem_plugin (~> 0.2.3)
    rack (1.2.1)
    tilt (0.9)

PLATFORMS
  ruby

DEPENDENCIES
  frank!
  mongrel (>= 1.2.0.pre2)
